PATH
  remote: .
  specs:
    ch-puzzle-magic_watch (0.0.1)
      pry (~> 0.10)
      pry-doc (~> 0.6)
      pry-nav (~> 0.2)

GEM
  remote: https://rubygems.org/
  specs:
    coderay (1.1.0)
    method_source (0.8.2)
    pry (0.10.1)
      coderay (~> 1.1.0)
      method_source (~> 0.8.1)
      slop (~> 3.4)
    pry-doc (0.6.0)
      pry (~> 0.9)
      yard (~> 0.8)
    pry-nav (0.2.4)
      pry (>= 0.9.10, < 0.11.0)
    rake (10.4.2)
    shoulda-context (1.1.6)
    slop (3.6.0)
    yard (0.8.7.6)

PLATFORMS
  ruby

DEPENDENCIES
  bundler (~> 1.3)
  ch-puzzle-magic_watch!
  rake
  shoulda-context
